PATH
  remote: .
  specs:
    bcl (0.5.3)
      archive-tar-minitar
      builder
      faraday
      libxml-ruby
      multi_json
      nokogiri
      roo
      rubyXL
      rubyzip
      uuid
      yamler
      zliby

GEM
  remote: http://rubygems.org/
  specs:
    archive-tar-minitar (0.5.2)
    ast (2.0.0)
    builder (3.2.2)
    ci_reporter (1.9.2)
      builder (>= 2.1.2)
    diff-lcs (1.2.5)
    faraday (0.9.0)
      multipart-post (>= 1.2, < 3)
    json (1.8.1)
    libxml-ruby (2.7.0)
    macaddr (1.7.1)
      systemu (~> 2.6.2)
    mini_portile (0.6.0)
    multi_json (1.10.1)
    multipart-post (2.0.0)
    nokogiri (1.6.2.1)
      mini_portile (= 0.6.0)
    parser (2.1.9)
      ast (>= 1.1, < 3.0)
      slop (~> 3.4, >= 3.4.5)
    powerpack (0.0.9)
    rainbow (2.0.0)
    rake (10.3.2)
    roo (1.13.2)
      nokogiri
      rubyzip
      spreadsheet (> 0.6.4)
    rspec (2.99.0)
      rspec-core (~> 2.99.0)
      rspec-expectations (~> 2.99.0)
      rspec-mocks (~> 2.99.0)
    rspec-core (2.99.1)
    rspec-expectations (2.99.1)
      diff-lcs (>= 1.1.3, < 2.0)
    rspec-mocks (2.99.1)
    rubocop (0.23.0)
      json (>= 1.7.7, < 2)
      parser (~> 2.1.9)
      powerpack (~> 0.0.6)
      rainbow (>= 1.99.1, < 3.0)
      ruby-progressbar (~> 1.4)
    rubocop-checkstyle_formatter (0.1.1)
      rubocop (>= 0.14.0)
    ruby-ole (1.2.11.7)
    ruby-progressbar (1.5.1)
    rubyXL (3.2.0)
      nokogiri (>= 1.4.4)
      rubyzip (>= 1.1.6)
    rubyzip (1.1.6)
    slop (3.5.0)
    spreadsheet (0.9.7)
      ruby-ole (>= 1.0)
    systemu (2.6.4)
    uuid (2.3.7)
      macaddr (~> 1.0)
    yamler (0.1.0)
    zliby (0.0.5)

PLATFORMS
  ruby

DEPENDENCIES
  bcl!
  ci_reporter (~> 1.9.0)
  rake
  rspec (~> 2.12)
  rubocop
  rubocop-checkstyle_formatter
